PATH
  remote: .
  specs:
    magic-commenter (0.0.3)

GEM
  remote: http://rubygems.org/
  specs:

PLATFORMS
  ruby

DEPENDENCIES
  bundler (>= 1.0.0)
  magic-commenter!
